GEM
  remote: http://rubygems.org/
  specs:
    crack (0.1.8)
    git (1.2.5)
    hashie (0.4.0)
    jeweler (1.5.2)
      bundler (~> 1.0.0)
      git (>= 1.2.5)
      rake
    nokogiri (1.4.3.1)
    oauth (0.4.1)
    rake (0.8.7)
    rcov (0.9.9)
    weary (0.7.2)
      crack (>= 0.1.7)
      oauth (>= 0.3.5)

PLATFORMS
  ruby

DEPENDENCIES
  bundler (~> 1.0.0)
  hashie
  jeweler (~> 1.5.2)
  nokogiri
  rcov
  weary
